STORAGE: NONE
RESTRICTION: == net8.0
NUGET
  remote: https://api.nuget.org/v3/index.json
    Dapper (2.1.28)
    Expecto (10.1)
      FSharp.Core (>= 7.0.200)
      Mono.Cecil (>= 0.11.4 < 1.0)
    FSharp.Core (8.0.101) - content: none
    FSharp.SystemTextJson (1.2.42)
      FSharp.Core (>= 4.7)
      System.Text.Json (>= 6.0)
    Microsoft.Extensions.DependencyInjection.Abstractions (8.0)
    Microsoft.Extensions.Logging.Abstractions (8.0)
      Microsoft.Extensions.DependencyInjection.Abstractions (>= 8.0)
    Mono.Cecil (0.11.5)
    Npgsql (8.0.1)
      Microsoft.Extensions.Logging.Abstractions (>= 8.0)
    System.Text.Encodings.Web (8.0)
    System.Text.Json (8.0.1)
      System.Text.Encodings.Web (>= 8.0)
